RESTRICTION: == net8.0
NUGET
  remote: https://api.nuget.org/v3/index.json
    Asp.Versioning.Abstractions (8.0)
      Microsoft.Extensions.Primitives (>= 8.0)
    Asp.Versioning.Http (8.0)
      Asp.Versioning.Abstractions (>= 8.0)
    Asp.Versioning.Mvc (8.0)
      Asp.Versioning.Http (>= 8.0)
    Asp.Versioning.Mvc.ApiExplorer (8.0)
      Asp.Versioning.Mvc (>= 8.0)
    Be.Vlaanderen.Basisregisters.AspNetCore.Mvc.Formatters.Json (5.0)
      Be.Vlaanderen.Basisregisters.Converters.TrimString (>= 4.0)
      Be.Vlaanderen.Basisregisters.Utilities.Rfc3339DateTimeOffset (>= 4.0)
      Newtonsoft.Json (>= 13.0.3)
      NodaTime.Serialization.JsonNet (>= 3.1)
    Be.Vlaanderen.Basisregisters.Build.Pipeline (7.2.6)
    Be.Vlaanderen.Basisregisters.Converters.TrimString (4.0)
      Newtonsoft.Json (>= 13.0.3)
    Be.Vlaanderen.Basisregisters.Utilities.Rfc3339DateTimeOffset (4.0)
      Newtonsoft.Json (>= 13.0.3)
    DiffEngine (15.2.2)
      EmptyFiles (>= 8.1.1)
      System.Management (>= 6.0.2)
    EmptyFiles (8.1.1)
    Fluid.Core (2.11.1)
      Microsoft.Extensions.FileProviders.Abstractions (>= 8.0)
      Parlot (>= 1.0.2)
      TimeZoneConverter (>= 6.1)
    Microsoft.AspNetCore.JsonPatch (8.0.2)
      Microsoft.CSharp (>= 4.7)
      Newtonsoft.Json (>= 13.0.3)
    Microsoft.AspNetCore.Mvc.NewtonsoftJson (8.0.2)
      Microsoft.AspNetCore.JsonPatch (>= 8.0.2)
      Newtonsoft.Json (>= 13.0.3)
      Newtonsoft.Json.Bson (>= 1.0.2)
    Microsoft.CodeCoverage (17.9)
    Microsoft.CSharp (4.7)
    Microsoft.Extensions.ApiDescription.Server (8.0.2)
    Microsoft.Extensions.Configuration (8.0)
      Microsoft.Extensions.Configuration.Abstractions (>= 8.0)
      Microsoft.Extensions.Primitives (>= 8.0)
    Microsoft.Extensions.Configuration.Abstractions (8.0)
      Microsoft.Extensions.Primitives (>= 8.0)
    Microsoft.Extensions.Configuration.Binder (8.0.1)
      Microsoft.Extensions.Configuration.Abstractions (>= 8.0)
    Microsoft.Extensions.DependencyInjection (8.0)
      Microsoft.Extensions.DependencyInjection.Abstractions (>= 8.0)
    Microsoft.Extensions.DependencyInjection.Abstractions (8.0)
    Microsoft.Extensions.DependencyModel (8.0)
      System.Text.Encodings.Web (>= 8.0)
      System.Text.Json (>= 8.0)
    Microsoft.Extensions.FileProviders.Abstractions (8.0)
      Microsoft.Extensions.Primitives (>= 8.0)
    Microsoft.Extensions.FileProviders.Embedded (8.0.2)
      Microsoft.Extensions.FileProviders.Abstractions (>= 8.0)
    Microsoft.Extensions.Localization.Abstractions (8.0.2)
    Microsoft.Extensions.Logging (8.0)
      Microsoft.Extensions.DependencyInjection (>= 8.0)
      Microsoft.Extensions.Logging.Abstractions (>= 8.0)
      Microsoft.Extensions.Options (>= 8.0)
    Microsoft.Extensions.Logging.Abstractions (8.0)
      Microsoft.Extensions.DependencyInjection.Abstractions (>= 8.0)
    Microsoft.Extensions.Logging.Configuration (8.0)
      Microsoft.Extensions.Configuration (>= 8.0)
      Microsoft.Extensions.Configuration.Abstractions (>= 8.0)
      Microsoft.Extensions.Configuration.Binder (>= 8.0)
      Microsoft.Extensions.DependencyInjection.Abstractions (>= 8.0)
      Microsoft.Extensions.Logging (>= 8.0)
      Microsoft.Extensions.Logging.Abstractions (>= 8.0)
      Microsoft.Extensions.Options (>= 8.0)
      Microsoft.Extensions.Options.ConfigurationExtensions (>= 8.0)
    Microsoft.Extensions.Logging.Console (8.0)
      Microsoft.Extensions.DependencyInjection.Abstractions (>= 8.0)
      Microsoft.Extensions.Logging (>= 8.0)
      Microsoft.Extensions.Logging.Abstractions (>= 8.0)
      Microsoft.Extensions.Logging.Configuration (>= 8.0)
      Microsoft.Extensions.Options (>= 8.0)
      System.Text.Json (>= 8.0)
    Microsoft.Extensions.Options (8.0.2)
      Microsoft.Extensions.DependencyInjection.Abstractions (>= 8.0)
      Microsoft.Extensions.Primitives (>= 8.0)
    Microsoft.Extensions.Options.ConfigurationExtensions (8.0)
      Microsoft.Extensions.Configuration.Abstractions (>= 8.0)
      Microsoft.Extensions.Configuration.Binder (>= 8.0)
      Microsoft.Extensions.DependencyInjection.Abstractions (>= 8.0)
      Microsoft.Extensions.Options (>= 8.0)
      Microsoft.Extensions.Primitives (>= 8.0)
    Microsoft.Extensions.Primitives (8.0)
    Microsoft.NET.Test.Sdk (17.9)
      Microsoft.CodeCoverage (>= 17.9)
      Microsoft.TestPlatform.TestHost (>= 17.9)
    Microsoft.OpenApi (1.6.14)
    Microsoft.TestPlatform.ObjectModel (17.9)
      System.Reflection.Metadata (>= 1.6)
    Microsoft.TestPlatform.TestHost (17.9)
      Microsoft.TestPlatform.ObjectModel (>= 17.9)
      Newtonsoft.Json (>= 13.0.1)
    Namotion.Reflection (3.1.1)
      Microsoft.CSharp (>= 4.3)
    Newtonsoft.Json (13.0.3)
    Newtonsoft.Json.Bson (1.0.2)
      Newtonsoft.Json (>= 12.0.1)
    NJsonSchema (11.0.2)
      Namotion.Reflection (>= 3.1.1)
      Newtonsoft.Json (>= 13.0.3)
      NJsonSchema.Annotations (>= 11.0.2)
    NJsonSchema.Annotations (11.0.2)
    NJsonSchema.CodeGeneration (11.0.2)
      Fluid.Core (>= 2.9)
      NJsonSchema (>= 11.0.2)
    NJsonSchema.CodeGeneration.CSharp (11.0.2)
      NJsonSchema.CodeGeneration (>= 11.0.2)
    NJsonSchema.CodeGeneration.TypeScript (11.0.2)
      NJsonSchema.CodeGeneration (>= 11.0.2)
    NodaTime (3.1.11)
      System.Runtime.CompilerServices.Unsafe (>= 4.7.1)
    NodaTime.Serialization.JsonNet (3.1)
      Newtonsoft.Json (>= 13.0.3)
      NodaTime (>= 3.0 < 4.0)
    NSwag.CodeGeneration (14.1)
      NJsonSchema.CodeGeneration (>= 11.0.2)
      NSwag.Core (>= 14.1)
    NSwag.CodeGeneration.CSharp (14.1)
      NJsonSchema.CodeGeneration.CSharp (>= 11.0.2)
      NSwag.CodeGeneration (>= 14.1)
    NSwag.CodeGeneration.TypeScript (14.1)
      NJsonSchema.CodeGeneration.TypeScript (>= 11.0.2)
      NSwag.CodeGeneration (>= 14.1)
    NSwag.Core (14.1)
      NJsonSchema (>= 11.0.2)
    Parlot (1.0.2)
    Scrutor (4.2.2)
      Microsoft.Extensions.DependencyInjection.Abstractions (>= 6.0)
      Microsoft.Extensions.DependencyModel (>= 6.0)
    Shouldly (4.2.1)
      DiffEngine (>= 11.3)
      EmptyFiles (>= 4.4)
    SourceLink.Copy.PdbFiles (2.8.3) - copy_local: true
    SourceLink.Embed.AllSourceFiles (2.8.3) - copy_local: true
    Swashbuckle.AspNetCore (6.7.3)
      Microsoft.Extensions.ApiDescription.Server (>= 6.0.5)
      Swashbuckle.AspNetCore.Swagger (>= 6.7.3)
      Swashbuckle.AspNetCore.SwaggerGen (>= 6.7.3)
      Swashbuckle.AspNetCore.SwaggerUI (>= 6.7.3)
    Swashbuckle.AspNetCore.Annotations (6.7.3)
      Swashbuckle.AspNetCore.SwaggerGen (>= 6.7.3)
    Swashbuckle.AspNetCore.Filters (8.0.2)
      Microsoft.Extensions.DependencyInjection (>= 2.1)
      Microsoft.OpenApi (>= 1.3.1)
      Scrutor (>= 3.3)
      Swashbuckle.AspNetCore.Filters.Abstractions (>= 8.0.2)
      Swashbuckle.AspNetCore.SwaggerGen (>= 5.0)
    Swashbuckle.AspNetCore.Filters.Abstractions (8.0.2)
    Swashbuckle.AspNetCore.Newtonsoft (6.7.3)
      Microsoft.AspNetCore.Mvc.NewtonsoftJson (>= 8.0)
      Swashbuckle.AspNetCore.SwaggerGen (>= 6.7.3)
    Swashbuckle.AspNetCore.Swagger (6.7.3)
      Microsoft.OpenApi (>= 1.6.14)
    Swashbuckle.AspNetCore.SwaggerGen (6.7.3)
      Swashbuckle.AspNetCore.Swagger (>= 6.7.3)
    Swashbuckle.AspNetCore.SwaggerUI (6.7.3)
    System.CodeDom (8.0)
    System.Collections.Immutable (8.0)
    System.Management (8.0)
      System.CodeDom (>= 8.0)
    System.Reflection.Metadata (8.0)
      System.Collections.Immutable (>= 8.0)
    System.Runtime.CompilerServices.Unsafe (6.0)
    System.Text.Encodings.Web (8.0)
    System.Text.Json (8.0.2)
      System.Text.Encodings.Web (>= 8.0)
    TimeZoneConverter (6.1)
    xunit (2.7)
      xunit.analyzers (>= 1.11)
      xunit.assert (>= 2.7)
      xunit.core (2.7)
    xunit.abstractions (2.0.3)
    xunit.analyzers (1.11)
    xunit.assert (2.7)
    xunit.core (2.7)
      xunit.extensibility.core (2.7)
      xunit.extensibility.execution (2.7)
    xunit.extensibility.core (2.7)
      xunit.abstractions (>= 2.0.3)
    xunit.extensibility.execution (2.7)
      xunit.extensibility.core (2.7)
    xunit.runner.visualstudio (2.5.7)
